GEM
  remote: https://rubygems.org/
  specs:
    addressable (2.8.6)
      public_suffix (>= 2.0.2, < 6.0)
    base64 (0.2.0)
    event_stream_parser (1.0.0)
    faraday (2.8.1)
      base64
      faraday-net_http (>= 2.0, < 3.1)
      ruby2_keywords (>= 0.0.4)
    faraday-multipart (1.0.4)
      multipart-post (~> 2)
    faraday-net_http (3.0.2)
    faraday-retry (2.2.0)
      faraday (~> 2.0)
    git_diff (0.4.3)
    multipart-post (2.3.0)
    octokit (8.0.0)
      faraday (>= 1, < 3)
      sawyer (~> 0.9)
    public_suffix (5.0.4)
    ruby-openai (6.3.1)
      event_stream_parser (>= 0.3.0, < 2.0.0)
      faraday (>= 1)
      faraday-multipart (>= 1)
    ruby2_keywords (0.0.5)
    sawyer (0.9.2)
      addressable (>= 2.3.5)
      faraday (>= 0.17.3, < 3)

PLATFORMS
  ruby

DEPENDENCIES
  faraday-retry (~> 2.2)
  git_diff (~> 0.4.3)
  octokit (~> 8.0.0)
  ruby-openai (~> 6.3.1)

BUNDLED WITH
   2.1.2
